GEM
  remote: https://rubygems.org/
  specs:
    backports (3.6.4)
    hpricot (0.8.6)
    html-table (1.4.1)
      strongtyping
      structured_warnings
    multi_json (1.10.1)
    rack (1.6.0)
    rack-protection (1.5.3)
      rack
    rack-test (0.6.3)
      rack (>= 1.0)
    sinatra (1.4.5)
      rack (~> 1.4)
      rack-protection (~> 1.4)
      tilt (~> 1.3, >= 1.3.4)
    sinatra-contrib (1.4.2)
      backports (>= 2.0)
      multi_json
      rack-protection
      rack-test
      sinatra (~> 1.4.0)
      tilt (~> 1.3)
    sinatra-reloader (1.0)
      sinatra-contrib
    strongtyping (2.0.7)
    structured_warnings (0.2.0)
    tilt (1.4.1)

PLATFORMS
  ruby

DEPENDENCIES
  hpricot (~> 0.8.6)
  html-table
  sinatra
  sinatra-reloader
